GEM
  remote: https://rubygems.org/
  specs:
    concurrent-ruby (1.1.8)
    mime-types (3.3.1)
      mime-types-data (~> 3.2015)
    mime-types-data (3.2020.1104)
    minitest (5.14.3)
    puppeteer-ruby (0.28.1)
      concurrent-ruby (~> 1.1.0)
      mime-types (>= 3.0)
      websocket-driver (>= 0.6.0)
    rexml (3.2.4)
    ruby-graphviz (1.2.5)
      rexml
    websocket-driver (0.7.3)
      websocket-extensions (>= 0.1.0)
    websocket-extensions (0.1.5)

PLATFORMS
  x64-mingw32
  x86_64-linux

DEPENDENCIES
  minitest
  puppeteer-ruby
  ruby-graphviz

BUNDLED WITH
   2.2.8
